PATH
  remote: .
  specs:
    evalir (0.0.3)

GEM
  remote: http://rubygems.org/
  specs:
    power_assert (2.0.5)
    rake (0.9.2)
    test-unit (3.7.0)
      power_assert

PLATFORMS
  ruby

DEPENDENCIES
  evalir!
  rake
  test-unit

BUNDLED WITH
   2.7.2
